PATH
  remote: .
  specs:
    devfest_schedule (0.1.0)
      colorize
      nokogiri
      pry

GEM
  remote: https://rubygems.org/
  specs:
    coderay (1.1.2)
    colorize (0.8.1)
    method_source (1.0.0)
    mini_portile2 (2.4.0)
    nokogiri (1.10.9)
      mini_portile2 (~> 2.4.0)
    pry (0.13.1)
      coderay (~> 1.1)
      method_source (~> 1.0)
    rake (13.0.1)

PLATFORMS
  ruby

DEPENDENCIES
  bundler
  devfest_schedule!
  rake (~> 13.0)

BUNDLED WITH
   2.1.4
