PATH
  remote: .
  specs:
    devfest_schedule (0.1.0)

GEM
  remote: https://rubygems.org/
  specs:
    rake (10.5.0)

PLATFORMS
  ruby
  x64-mingw32

DEPENDENCIES
  bundler
  devfest_schedule!
  rake (~> 10.0)

BUNDLED WITH
   1.17.2
